GEM
  remote: http://rubygems.org/
  specs:
    activemodel (3.2.8)
      activesupport (= 3.2.8)
      builder (~> 3.0.0)
    activesupport (3.2.8)
      i18n (~> 0.6)
      multi_json (~> 1.0)
    backports (2.6.4)
    bson (1.6.4)
    bson_ext (1.6.4)
      bson (~> 1.6.4)
    builder (3.0.3)
    eventmachine (1.0.0)
    haml (3.1.7)
    i18n (0.6.1)
    joint (0.6.2)
      mime-types
      mongo_mapper (~> 0.9)
      wand (~> 0.4)
    json (1.7.5)
    jwt (0.1.5)
      multi_json (>= 1.0)
    mime-types (1.19)
    mongo (1.6.4)
      bson (~> 1.6.4)
    mongo_mapper (0.11.2)
      activemodel (~> 3.0)
      activesupport (~> 3.0)
      plucky (~> 0.5.1)
    multi_json (1.3.6)
    plucky (0.5.2)
      mongo (~> 1.5)
    rack (1.4.1)
    rack-cors (0.2.7)
      rack
    rack-oauth2-server (2.8.0)
      bson_ext
      json
      jwt (~> 0.1.4)
      mongo (~> 1)
      rack (~> 1.1)
      sinatra (~> 1.1)
    rack-protection (1.2.0)
      rack
    rack-test (0.6.2)
      rack (>= 1.0)
    safe_shell (1.0.2)
    sinatra (1.3.3)
      rack (~> 1.3, >= 1.3.6)
      rack-protection (~> 1.2)
      tilt (~> 1.3, >= 1.3.3)
    sinatra-contrib (1.3.1)
      backports (>= 2.0)
      eventmachine
      rack-protection
      rack-test
      sinatra (~> 1.3.0)
      tilt (~> 1.3)
    tilt (1.3.3)
    wand (0.4)
      mime-types
      safe_shell (~> 1.0.0)

PLATFORMS
  ruby

DEPENDENCIES
  bson_ext (~> 1.6.4)
  haml (~> 3.1.7)
  joint (~> 0.6.2)
  json (~> 1.7.5)
  mongo
  mongo_mapper (~> 0.11.2)
  rack-cors (~> 0.2.7)
  rack-oauth2-server (~> 2.8.0)
  sinatra
  sinatra-contrib (~> 1.3.1)
