GEM
  remote: http://rubygems.org/
  specs:
    activemodel (3.2.8)
      activesupport (= 3.2.8)
      builder (~> 3.0.0)
    activesupport (3.2.8)
      i18n (~> 0.6)
      multi_json (~> 1.0)
    attr_required (0.0.5)
    backports (2.6.4)
    bson (1.6.4)
    bson_ext (1.6.4)
      bson (~> 1.6.4)
    builder (3.0.3)
    eventmachine (1.0.0)
    httpclient (2.2.7)
    i18n (0.6.1)
    mongo (1.6.4)
      bson (~> 1.6.4)
    mongo_mapper (0.11.2)
      activemodel (~> 3.0)
      activesupport (~> 3.0)
      plucky (~> 0.5.1)
    multi_json (1.3.6)
    plucky (0.5.2)
      mongo (~> 1.5)
    rack (1.4.1)
    rack-oauth2 (0.14.9)
      activesupport (>= 2.3)
      attr_required (>= 0.0.5)
      httpclient (>= 2.2.0.2)
      i18n
      multi_json (>= 1.3.6)
      rack (>= 1.1)
    rack-protection (1.2.0)
      rack
    rack-test (0.6.2)
      rack (>= 1.0)
    sinatra (1.3.3)
      rack (~> 1.3, >= 1.3.6)
      rack-protection (~> 1.2)
      tilt (~> 1.3, >= 1.3.3)
    sinatra-contrib (1.3.1)
      backports (>= 2.0)
      eventmachine
      rack-protection
      rack-test
      sinatra (~> 1.3.0)
      tilt (~> 1.3)
    tilt (1.3.3)

PLATFORMS
  ruby

DEPENDENCIES
  bson_ext (~> 1.6.4)
  mongo
  mongo_mapper (~> 0.11.2)
  rack-oauth2 (~> 0.14.9)
  sinatra
  sinatra-contrib (~> 1.3.1)
